GEM
  remote: https://rubygems.org/
  specs:
    Ascii85 (1.0.2)
    addressable (2.5.0)
      public_suffix (~> 2.0, >= 2.0.2)
    afm (0.2.2)
    asciidoctor (1.5.5)
    asciidoctor-epub3 (1.5.0.alpha.6)
      asciidoctor (~> 1.5.0)
      gepub (~> 0.6.9.2)
      thread_safe (~> 0.3.5)
    asciidoctor-pdf (1.5.0.alpha.13)
      asciidoctor (>= 1.5.0)
      prawn (>= 1.3.0, < 3.0.0)
      prawn-icon (= 1.2.0)
      prawn-svg (>= 0.21.0, < 0.26.0)
      prawn-table (= 0.2.2)
      prawn-templates (= 0.0.3)
      safe_yaml (~> 1.0.4)
      thread_safe (~> 0.3.5)
      treetop (= 1.5.3)
    coderay (1.1.1)
    css_parser (1.4.7)
      addressable
    domain_name (0.5.20161129)
      unf (>= 0.0.5, < 1.0.0)
    gepub (0.6.9.2)
      nokogiri (~> 1.6.1)
      rubyzip (>= 1.1.1)
    hashery (2.1.2)
    http-cookie (1.0.3)
      domain_name (~> 0.5)
    json (2.0.2)
    mime-types (3.1)
      mime-types-data (~> 3.2015)
    mime-types-data (3.2016.0521)
    mini_portile2 (2.1.0)
    netrc (0.11.0)
    nokogiri (1.6.8.1)
      mini_portile2 (~> 2.1.0)
    pdf-core (0.6.1)
    pdf-reader (1.4.0)
      Ascii85 (~> 1.0.0)
      afm (~> 0.2.1)
      hashery (~> 2.0)
      ruby-rc4
      ttfunk
    polyglot (0.3.5)
    prawn (2.1.0)
      pdf-core (~> 0.6.1)
      ttfunk (~> 1.4.0)
    prawn-icon (1.2.0)
      prawn (>= 1.1.0, < 3.0.0)
    prawn-svg (0.25.2)
      css_parser (~> 1.3)
      prawn (>= 0.11.1, < 3)
    prawn-table (0.2.2)
      prawn (>= 1.3.0, < 3.0.0)
    prawn-templates (0.0.3)
      pdf-reader (~> 1.3)
      prawn (>= 0.15.0)
    public_suffix (2.0.4)
    rake (10.4.2)
    rest-client (2.0.0)
      http-cookie (>= 1.0.2, < 2.0)
      mime-types (>= 1.16, < 4.0)
      netrc (~> 0.8)
    ruby-rc4 (0.1.5)
    rubyzip (1.2.0)
    safe_yaml (1.0.4)
    thread_safe (0.3.5)
    treetop (1.5.3)
      polyglot (~> 0.3)
    ttfunk (1.4.0)
    unf (0.1.4)
      unf_ext
    unf_ext (0.0.7.2)

PLATFORMS
  ruby

DEPENDENCIES
  asciidoctor
  asciidoctor-epub3
  asciidoctor-pdf
  coderay
  json
  rake
  rest-client

BUNDLED WITH
   1.13.6
